GEM
  remote: http://rubygems.org/
  specs:
    activemodel (3.1.3)
      activesupport (= 3.1.3)
      builder (~> 3.0.0)
      i18n (~> 0.6)
    activesupport (3.1.3)
      multi_json (~> 1.0)
    bson (1.5.0)
    bson_ext (1.5.0)
    builder (3.0.0)
    gherkin (2.6.8)
      json (>= 1.4.6)
    haml (3.1.4)
    i18n (0.6.0)
    json (1.6.2)
    komainu (0.0.8)
    mongo (1.5.0)
      bson (= 1.5.0)
    mongoid (2.3.4)
      activemodel (~> 3.1)
      mongo (~> 1.3)
      tzinfo (~> 0.3.22)
    multi_json (1.0.4)
    rack (1.3.5)
    rack-protection (1.1.4)
      rack
    rdiscount (1.6.8)
    sinatra (1.3.1)
      rack (>= 1.3.4, ~> 1.3)
      rack-protection (>= 1.1.2, ~> 1.1)
      tilt (>= 1.3.3, ~> 1.3)
    tilt (1.3.3)
    tzinfo (0.3.31)
    wally (0.0.21)
      bson_ext
      gherkin
      haml
      komainu
      mongoid
      rdiscount
      sinatra

PLATFORMS
  ruby

DEPENDENCIES
  wally
